STORAGE: NONE
RESTRICTION: || (== net9.0) (== netstandard2.0) (== netstandard2.1)
NUGET
  remote: https://api.nuget.org/v3/index.json
    Argu (6.2.5)
      FSharp.Core (>= 6.0)
      System.Configuration.ConfigurationManager (>= 4.4)
    BouncyCastle.Cryptography (2.5)
    Dapper (2.1.35) - restriction: || (== net9.0) (&& (== netstandard2.0) (>= net6.0)) (&& (== netstandard2.1) (>= net6.0))
    Dapper.FSharp (4.7)
      Dapper (>= 2.0.123) - restriction: || (== net9.0) (&& (== netstandard2.0) (>= net6.0)) (&& (== netstandard2.1) (>= net6.0))
      FSharp.Core (>= 6.0.7) - restriction: || (== net9.0) (&& (== netstandard2.0) (>= net6.0)) (&& (== netstandard2.1) (>= net6.0))
    dotenv.net (3.2.1)
      System.Memory (>= 4.5.5) - restriction: || (&& (== net9.0) (< netstandard2.0)) (&& (== net9.0) (< netstandard2.1)) (== netstandard2.0) (&& (== netstandard2.1) (< netstandard2.0))
    FSharp.Core (9.0.101)
    Google.Protobuf (3.29.3)
      System.Memory (>= 4.5.3) - restriction: || (&& (== net9.0) (>= net45)) (&& (== net9.0) (< net5.0)) (&& (== net9.0) (< netstandard2.0)) (== netstandard2.0) (== netstandard2.1)
      System.Runtime.CompilerServices.Unsafe (>= 4.5.2) - restriction: || (&& (== net9.0) (< net5.0)) (== netstandard2.0) (== netstandard2.1)
    K4os.Compression.LZ4 (1.3.8)
      System.Memory (>= 4.5.5) - restriction: || (&& (== net9.0) (>= net462)) (&& (== net9.0) (< netstandard2.1)) (== netstandard2.0) (&& (== netstandard2.1) (>= net462))
      System.Runtime.CompilerServices.Unsafe (>= 5.0) - restriction: || (&& (== net9.0) (< netstandard2.1)) (== netstandard2.0)
      System.Runtime.CompilerServices.Unsafe (>= 6.0) - restriction: || (&& (== net9.0) (>= net462)) (&& (== net9.0) (< net5.0)) (&& (== netstandard2.0) (>= net462)) (&& (== netstandard2.0) (>= netstandard2.1)) (== netstandard2.1)
    K4os.Compression.LZ4.Streams (1.3.8)
      K4os.Compression.LZ4 (>= 1.3.8)
      K4os.Hash.xxHash (>= 1.0.8)
      System.IO.Pipelines (>= 5.0.2) - restriction: || (&& (== net9.0) (>= net462)) (&& (== net9.0) (< netstandard2.1)) (== netstandard2.0) (&& (== netstandard2.1) (>= net462))
      System.IO.Pipelines (>= 6.0.3) - restriction: || (== net9.0) (&& (== netstandard2.0) (>= netstandard2.1)) (== netstandard2.1)
    K4os.Hash.xxHash (1.0.8)
      System.Memory (>= 4.5.5) - restriction: || (&& (== net9.0) (>= net462)) (&& (== net9.0) (< netstandard2.1)) (== netstandard2.0) (&& (== netstandard2.1) (>= net462))
      System.Runtime.CompilerServices.Unsafe (>= 5.0) - restriction: || (&& (== net9.0) (< netstandard2.1)) (== netstandard2.0)
      System.Runtime.CompilerServices.Unsafe (>= 6.0) - restriction: || (&& (== net9.0) (>= net462)) (&& (== net9.0) (< net5.0)) (&& (== netstandard2.0) (>= net462)) (&& (== netstandard2.0) (>= netstandard2.1)) (== netstandard2.1)
    Microsoft.Bcl.AsyncInterfaces (9.0.1) - restriction: || (&& (== net9.0) (>= net462)) (&& (== net9.0) (< net8.0)) (&& (== net9.0) (< netstandard2.1)) (== netstandard2.0) (== netstandard2.1)
      System.Threading.Tasks.Extensions (>= 4.5.4) - restriction: || (&& (== net9.0) (>= net462)) (&& (== net9.0) (< netstandard2.1)) (== netstandard2.0) (&& (== netstandard2.1) (>= net462))
    Microsoft.NETCore.Platforms (7.0.4)
    Microsoft.NETCore.Targets (5.0)
    MySql.Data (8.2)
      BouncyCastle.Cryptography (>= 2.2.1)
      Google.Protobuf (>= 3.21.9)
      K4os.Compression.LZ4.Streams (>= 1.3.5)
      System.Buffers (>= 4.5.1)
      System.Configuration.ConfigurationManager (>= 4.4.1)
      System.Diagnostics.DiagnosticSource (>= 7.0.2)
      System.Runtime.CompilerServices.Unsafe (>= 6.0)
      System.Runtime.Loader (>= 4.3)
      System.Security.Permissions (>= 4.7)
      System.Text.Encoding.CodePages (>= 4.4)
      System.Text.Json (>= 7.0.1)
      System.Threading.Tasks.Extensions (>= 4.5.4)
      ZstdSharp.Port (>= 0.7.1)
    NUnit (4.3.2)
    Spectre.Console (0.49.1)
      System.Memory (>= 4.5.5) - restriction: || (&& (== net9.0) (< net6.0)) (== netstandard2.0) (== netstandard2.1)
    System.Buffers (4.6)
    System.Configuration.ConfigurationManager (9.0.1)
      System.Diagnostics.EventLog (>= 9.0.1) - restriction: || (== net9.0) (&& (== netstandard2.0) (>= net8.0)) (&& (== netstandard2.1) (>= net8.0))
      System.Security.Cryptography.ProtectedData (>= 9.0.1)
    System.Diagnostics.DiagnosticSource (9.0.1)
      System.Memory (>= 4.5.5) - restriction: || (&& (== net9.0) (>= net462)) (&& (== net9.0) (< net8.0)) (== netstandard2.0) (== netstandard2.1)
      System.Runtime.CompilerServices.Unsafe (>= 6.0) - restriction: || (&& (== net9.0) (>= net462)) (&& (== net9.0) (< net8.0)) (== netstandard2.0) (== netstandard2.1)
    System.Diagnostics.EventLog (9.0.1) - restriction: || (== net9.0) (&& (== netstandard2.0) (>= net8.0)) (&& (== netstandard2.1) (>= net8.0))
    System.IO (4.3)
      Microsoft.NETCore.Platforms (>= 1.1)
      Microsoft.NETCore.Targets (>= 1.1)
      System.Runtime (>= 4.3)
      System.Text.Encoding (>= 4.3)
      System.Threading.Tasks (>= 4.3)
    System.IO.Pipelines (9.0.1)
      System.Buffers (>= 4.5.1) - restriction: || (&& (== net9.0) (>= net462)) (&& (== net9.0) (< net8.0)) (== netstandard2.0) (== netstandard2.1)
      System.Memory (>= 4.5.5) - restriction: || (&& (== net9.0) (>= net462)) (&& (== net9.0) (< net8.0)) (== netstandard2.0) (== netstandard2.1)
      System.Threading.Tasks.Extensions (>= 4.5.4) - restriction: || (&& (== net9.0) (>= net462)) (&& (== net9.0) (< net8.0)) (== netstandard2.0) (== netstandard2.1)
    System.Memory (4.6) - restriction: || (&& (== net9.0) (< net6.0)) (&& (== net9.0) (< netstandard2.0)) (&& (== net9.0) (< netstandard2.1)) (== netstandard2.0) (== netstandard2.1)
      System.Buffers (>= 4.6) - restriction: || (&& (== net9.0) (>= net462)) (&& (== net9.0) (< netcoreapp2.1)) (== netstandard2.0) (== netstandard2.1)
      System.Numerics.Vectors (>= 4.6) - restriction: || (&& (== net9.0) (>= net462)) (&& (== net9.0) (< netcoreapp2.1)) (== netstandard2.0) (== netstandard2.1)
      System.Runtime.CompilerServices.Unsafe (>= 6.1) - restriction: || (&& (== net9.0) (>= net462)) (&& (== net9.0) (< netcoreapp2.1)) (== netstandard2.0) (== netstandard2.1)
    System.Numerics.Vectors (4.6) - restriction: || (&& (== net9.0) (>= net462)) (&& (== net9.0) (< netcoreapp2.1) (< netstandard2.1)) (&& (== net9.0) (< netstandard2.0)) (== netstandard2.0) (&& (== netstandard2.1) (< netstandard2.0))
    System.Reflection (4.3)
      Microsoft.NETCore.Platforms (>= 1.1)
      Microsoft.NETCore.Targets (>= 1.1)
      System.IO (>= 4.3)
      System.Reflection.Primitives (>= 4.3)
      System.Runtime (>= 4.3)
    System.Reflection.Primitives (4.3)
      Microsoft.NETCore.Platforms (>= 1.1)
      Microsoft.NETCore.Targets (>= 1.1)
      System.Runtime (>= 4.3)
    System.Runtime (4.3.1)
      Microsoft.NETCore.Platforms (>= 1.1.1)
      Microsoft.NETCore.Targets (>= 1.1.3)
    System.Runtime.CompilerServices.Unsafe (6.1)
    System.Runtime.Loader (4.3)
      System.IO (>= 4.3)
      System.Reflection (>= 4.3)
      System.Runtime (>= 4.3)
    System.Security.AccessControl (6.0.1) - restriction: || (&& (== net9.0) (>= net462)) (&& (== net9.0) (< net8.0)) (== netstandard2.0) (== netstandard2.1)
      System.Security.Principal.Windows (>= 5.0) - restriction: || (&& (== net9.0) (>= net461)) (&& (== net9.0) (< net6.0)) (== netstandard2.0) (== netstandard2.1)
    System.Security.Cryptography.ProtectedData (9.0.1)
      System.Memory (>= 4.5.5) - restriction: || (&& (== net9.0) (< net8.0)) (== netstandard2.0) (== netstandard2.1)
    System.Security.Permissions (9.0.1)
      System.Security.AccessControl (>= 6.0) - restriction: || (&& (== net9.0) (>= net462)) (&& (== net9.0) (< net8.0)) (== netstandard2.0) (== netstandard2.1)
      System.Windows.Extensions (>= 9.0.1) - restriction: || (== net9.0) (&& (== netstandard2.0) (>= net8.0)) (&& (== netstandard2.1) (>= net8.0))
    System.Security.Principal.Windows (5.0) - restriction: || (&& (== net9.0) (>= net461)) (&& (== net9.0) (>= net462)) (&& (== net9.0) (< net6.0)) (== netstandard2.0) (== netstandard2.1)
    System.Text.Encoding (4.3)
      Microsoft.NETCore.Platforms (>= 1.1)
      Microsoft.NETCore.Targets (>= 1.1)
      System.Runtime (>= 4.3)
    System.Text.Encoding.CodePages (9.0.1)
      System.Memory (>= 4.5.5) - restriction: || (&& (== net9.0) (>= net462)) (&& (== net9.0) (< net8.0)) (== netstandard2.0) (== netstandard2.1)
      System.Runtime.CompilerServices.Unsafe (>= 6.0) - restriction: || (&& (== net9.0) (>= net462)) (&& (== net9.0) (< net8.0)) (== netstandard2.0) (== netstandard2.1)
    System.Text.Encodings.Web (9.0.1) - restriction: || (&& (== net9.0) (>= net462)) (&& (== net9.0) (< net8.0)) (== netstandard2.0) (== netstandard2.1)
      System.Buffers (>= 4.5.1) - restriction: || (&& (== net9.0) (>= net462)) (&& (== net9.0) (< net8.0)) (== netstandard2.0) (== netstandard2.1)
      System.Memory (>= 4.5.5) - restriction: || (&& (== net9.0) (>= net462)) (&& (== net9.0) (< net8.0)) (== netstandard2.0) (== netstandard2.1)
      System.Runtime.CompilerServices.Unsafe (>= 6.0) - restriction: || (&& (== net9.0) (>= net462)) (&& (== net9.0) (< net8.0)) (== netstandard2.0) (== netstandard2.1)
    System.Text.Json (9.0.1)
      Microsoft.Bcl.AsyncInterfaces (>= 9.0.1) - restriction: || (&& (== net9.0) (>= net462)) (&& (== net9.0) (< net8.0)) (== netstandard2.0) (== netstandard2.1)
      System.Buffers (>= 4.5.1) - restriction: || (&& (== net9.0) (>= net462)) (&& (== net9.0) (< net8.0)) (== netstandard2.0) (== netstandard2.1)
      System.IO.Pipelines (>= 9.0.1) - restriction: || (&& (== net9.0) (>= net462)) (&& (== net9.0) (< net8.0)) (== netstandard2.0) (== netstandard2.1)
      System.Memory (>= 4.5.5) - restriction: || (&& (== net9.0) (>= net462)) (&& (== net9.0) (< net8.0)) (== netstandard2.0) (== netstandard2.1)
      System.Runtime.CompilerServices.Unsafe (>= 6.0) - restriction: || (&& (== net9.0) (>= net462)) (&& (== net9.0) (< net8.0)) (== netstandard2.0) (== netstandard2.1)
      System.Text.Encodings.Web (>= 9.0.1) - restriction: || (&& (== net9.0) (>= net462)) (&& (== net9.0) (< net8.0)) (== netstandard2.0) (== netstandard2.1)
      System.Threading.Tasks.Extensions (>= 4.5.4) - restriction: || (&& (== net9.0) (>= net462)) (&& (== net9.0) (< net8.0)) (== netstandard2.0) (== netstandard2.1)
    System.Threading.Tasks (4.3)
      Microsoft.NETCore.Platforms (>= 1.1)
      Microsoft.NETCore.Targets (>= 1.1)
      System.Runtime (>= 4.3)
    System.Threading.Tasks.Extensions (4.6)
      System.Runtime.CompilerServices.Unsafe (>= 6.1) - restriction: || (&& (== net9.0) (>= net462)) (&& (== net9.0) (< netcoreapp2.1)) (== netstandard2.0) (== netstandard2.1)
    System.Windows.Extensions (9.0.1) - restriction: || (== net9.0) (&& (== netstandard2.0) (>= net8.0)) (&& (== netstandard2.1) (>= net8.0))
    ZstdSharp.Port (0.8.4)
      Microsoft.Bcl.AsyncInterfaces (>= 5.0) - restriction: || (&& (== net9.0) (>= net462)) (&& (== net9.0) (< netstandard2.1)) (== netstandard2.0) (&& (== netstandard2.1) (>= net462))
      System.Memory (>= 4.5.5) - restriction: || (&& (== net9.0) (>= net462)) (&& (== net9.0) (< netstandard2.1)) (== netstandard2.0) (&& (== netstandard2.1) (>= net462))
      System.Runtime.CompilerServices.Unsafe (>= 6.0) - restriction: || (&& (== net9.0) (>= net462)) (&& (== net9.0) (< net5.0)) (&& (== net9.0) (< netcoreapp3.1)) (&& (== net9.0) (< netstandard2.1)) (== netstandard2.0) (== netstandard2.1)
